PATH
  remote: .
  specs:
    vk-ruby (0.8.0)
      json (~> 1.6)
      transformer (~> 0.2.2)

GEM
  remote: http://rubygems.org/
  specs:
    addressable (2.2.6)
    crack (0.3.1)
    json (1.6.4)
    minitest (2.8.1)
    rake (0.9.2.2)
    transformer (0.2.2)
    webmock (1.7.8)
      addressable (~> 2.2, > 2.2.5)
      crack (>= 0.1.7)
    yajl-ruby (1.1.0)

PLATFORMS
  ruby

DEPENDENCIES
  minitest (~> 2.8)
  rake (~> 0.9)
  vk-ruby!
  webmock (~> 1.0)
  yajl-ruby (~> 1.0)
