PATH
  remote: .
  specs:
    vk-ruby (0.9.3)
      attr_configurable (~> 0.1.0)
      faraday (~> 0.8.4)
      faraday_middleware (~> 0.8.8)
      multi_json (>= 1.5.1)

GEM
  remote: http://rubygems.org/
  specs:
    addressable (2.3.2)
    attr_configurable (0.1.0)
    cookiejar (0.3.0)
    crack (0.3.1)
    em-http-request (1.0.3)
      addressable (>= 2.2.3)
      cookiejar
      em-socksify
      eventmachine (>= 1.0.0.beta.4)
      http_parser.rb (>= 0.5.3)
    em-socksify (0.2.1)
      eventmachine (>= 1.0.0.beta.4)
    em-synchrony (1.0.2)
      eventmachine (>= 1.0.0.beta.1)
    eventmachine (1.0.0)
    faraday (0.8.5)
      multipart-post (~> 1.1)
    faraday_middleware (0.8.8)
      faraday (>= 0.7.4, < 0.9)
    ffi (1.1.5)
    http_parser.rb (0.5.3)
    json_pure (1.7.5)
    mime-types (1.19)
    minitest (2.12.1)
    multi_json (1.5.1)
    multipart-post (1.1.5)
    net-http-persistent (2.7)
    oj (1.0.6)
    patron (0.4.18)
    rake (0.8.7)
    typhoeus (0.4.2)
      ffi (~> 1.0)
      mime-types (~> 1.18)
    webmock (1.8.10)
      addressable (>= 2.2.7)
      crack (>= 0.1.7)
    yajl-ruby (1.1.0)

PLATFORMS
  ruby

DEPENDENCIES
  em-http-request (~> 1.0.3)
  em-synchrony (~> 1.0.2)
  eventmachine (~> 1.0.0)
  json_pure (~> 1.7.4)
  minitest (~> 2.8)
  net-http-persistent (= 2.7)
  oj (~> 1.0.6)
  patron (~> 0.4.18)
  rake (~> 0.8.7)
  typhoeus (~> 0.4.2)
  vk-ruby!
  webmock (~> 1.0)
  yajl-ruby (~> 1.1.0)
