PATH
  remote: .
  specs:
    vk-ruby (0.8.2)
      faraday (~> 0.8.0)
      faraday_middleware (~> 0.8.8)
      multi_json (~> 1.3.6)
      multi_xml (~> 0.5.1)
      transformer (~> 0.2.2)

GEM
  remote: http://rubygems.org/
  specs:
    addressable (2.2.8)
    crack (0.3.1)
    faraday (0.8.1)
      multipart-post (~> 1.1)
    faraday_middleware (0.8.8)
      faraday (>= 0.7.4, < 0.9)
    minitest (2.12.1)
    multi_json (1.3.6)
    multi_xml (0.5.1)
    multipart-post (1.1.5)
    oj (1.0.6)
    rake (0.9.2.2)
    transformer (0.2.2)
    webmock (1.8.7)
      addressable (>= 2.2.7)
      crack (>= 0.1.7)

PLATFORMS
  ruby

DEPENDENCIES
  minitest (~> 2.8)
  oj (~> 1.0.6)
  rake (~> 0.9)
  vk-ruby!
  webmock (~> 1.0)
